GEM
  remote: https://rubygems.org/
  specs:
    artifactory (2.3.3)
    ast (2.3.0)
    cucumber-core (1.5.0)
      gherkin (~> 4.0)
    erubis (2.7.0)
    ffi (1.9.10-x86-mingw32)
    foodcritic (6.3.0)
      cucumber-core (>= 1.3)
      erubis
      nokogiri (>= 1.5, < 2.0)
      rake
      rufus-lru (~> 1.0)
      treetop (~> 1.4)
      yajl-ruby (~> 1.1)
    gherkin (4.0.0)
    kitchen-vagrant (0.20.0)
      test-kitchen (~> 1.4)
    log_switch (0.3.0)
    mini_portile2 (2.1.0)
    mixlib-install (1.1.0)
      artifactory
      mixlib-shellout
      mixlib-versioning
    mixlib-shellout (2.2.6-universal-mingw32)
      win32-process (~> 0.8.2)
      wmi-lite (~> 1.0)
    mixlib-versioning (1.1.0)
    net-scp (1.2.1)
      net-ssh (>= 2.6.5)
    net-ssh (3.2.0)
    nokogiri (1.6.8-x86-mingw32)
      mini_portile2 (~> 2.1.0)
      pkg-config (~> 1.1.7)
    parser (2.3.1.2)
      ast (~> 2.2)
    pkg-config (1.1.7)
    polyglot (0.3.5)
    powerpack (0.1.1)
    rainbow (2.1.0)
    rake (11.2.2)
    rubocop (0.41.1)
      parser (>= 2.3.1.1, < 3.0)
      powerpack (~> 0.1)
      rainbow (>= 1.99.1, < 3.0)
      ruby-progressbar (~> 1.7)
      unicode-display_width (~> 1.0, >= 1.0.1)
    ruby-progressbar (1.8.1)
    rufus-lru (1.1.0)
    safe_yaml (1.0.4)
    tailor (1.4.1)
      log_switch (~> 0.3.0)
      nokogiri (>= 1.6.0)
      term-ansicolor (>= 1.0.5)
      text-table (>= 1.2.2)
    term-ansicolor (1.3.2)
      tins (~> 1.0)
    test-kitchen (1.10.2)
      mixlib-install (~> 1.0, >= 1.0.4)
      mixlib-shellout (>= 1.2, < 3.0)
      net-scp (~> 1.1)
      net-ssh (>= 2.9, < 4.0)
      safe_yaml (~> 1.0)
      thor (~> 0.18)
    text-table (1.2.4)
    thor (0.19.1)
    tins (1.10.2)
    treetop (1.6.5)
      polyglot (~> 0.3)
    unicode-display_width (1.1.0)
    win32-process (0.8.3)
      ffi (>= 1.0.0)
    wmi-lite (1.0.0)
    yajl-ruby (1.2.1)

PLATFORMS
  x86-mingw32

DEPENDENCIES
  foodcritic (>= 5.0.0)
  kitchen-vagrant (~> 0.20.0)
  rake
  rubocop
  tailor
  test-kitchen (~> 1.10)

BUNDLED WITH
   1.12.5
